GEM
  remote: https://rubygems.org/
  specs:
    minitest (5.25.5)

PLATFORMS
  x86_64-darwin-24

DEPENDENCIES
  minitest

BUNDLED WITH
   2.4.22
